GEM
  specs:
    autoprefixer-rails (7.1.6)
      execjs
    execjs (2.7.0)
    font-awesome-sass (4.7.0)
      sass (>= 3.2)
    sass (3.4.23)

PLATFORMS
  ruby

DEPENDENCIES
  autoprefixer-rails
  font-awesome-sass

BUNDLED WITH
   1.16.0
